GEM
  remote: https://rubygems.org/
  specs:
    activemodel (7.1.1)
      activesupport (= 7.1.1)
    activerecord (7.1.1)
      activemodel (= 7.1.1)
      activesupport (= 7.1.1)
      timeout (>= 0.4.0)
    activesupport (7.1.1)
      base64
      bigdecimal
      concurrent-ruby (~> 1.0, >= 1.0.2)
      connection_pool (>= 2.2.5)
      drb
      i18n (>= 1.6, < 2)
      minitest (>= 5.1)
      mutex_m
      tzinfo (~> 2.0)
    amazing_print (1.5.0)
    anbt-sql-formatter (0.1.0)
    base64 (0.1.1)
    bigdecimal (3.1.4)
    blingfire (0.2.0)
    colorize (1.1.0)
    concurrent-ruby (1.2.2)
    connection_pool (2.4.1)
    drb (2.1.1)
      ruby2_keywords
    ffi (1.16.3)
    i18n (1.14.1)
      concurrent-ruby (~> 1.0)
    informers (0.2.0)
      blingfire (>= 0.1.7)
      numo-narray
      onnxruntime (>= 0.5.1)
    minitest (5.20.0)
    mutex_m (0.1.2)
    numo-narray (0.9.2.1)
    onnxruntime (0.8.0-arm64-darwin)
      ffi
    rouge (4.1.3)
    ruby2_keywords (0.0.5)
    timeout (0.4.0)
    tzinfo (2.0.6)
      concurrent-ruby (~> 1.0)
    whoop (1.2.0)
      activerecord (>= 6.1.4)
      activesupport (>= 6.1.4)
      amazing_print
      anbt-sql-formatter
      colorize
      rouge

PLATFORMS
  arm64-darwin-22

DEPENDENCIES
  colorize (~> 1.1)
  informers (~> 0.2.0)
  whoop (~> 1.2)

BUNDLED WITH
   2.4.18
